GEM
  remote: https://rubygems.org/
  specs:
    coderay (1.1.0)
    faraday (0.9.2)
      multipart-post (>= 1.2, < 3)
    idobata (0.0.9)
      faraday (>= 0.8.8)
    method_source (0.8.2)
    multipart-post (2.0.0)
    pry (0.10.2)
      coderay (~> 1.1.0)
      method_source (~> 0.8.1)
      slop (~> 3.4)
    slop (3.6.0)

PLATFORMS
  ruby

DEPENDENCIES
  idobata
  pry

RUBY VERSION
   ruby 2.4.2p198

BUNDLED WITH
   1.16.0.pre.2
